GEM
  remote: http://rubygems.org/
  specs:
    activesupport (3.2.11)
      i18n (~> 0.6)
      multi_json (~> 1.0)
    diff-lcs (1.1.3)
    git (1.2.5)
    i18n (0.6.1)
    jeweler (1.8.4)
      bundler (~> 1.0)
      git (>= 1.2.5)
      rake
      rdoc
    json (1.7.6)
    mime-types (1.19)
    multi_json (1.5.0)
    oj (2.0.1)
    rake (10.0.3)
    rdoc (3.12)
      json (~> 1.4)
    rest-client (1.6.7)
      mime-types (>= 1.16)
    rspec (2.8.0)
      rspec-core (~> 2.8.0)
      rspec-expectations (~> 2.8.0)
      rspec-mocks (~> 2.8.0)
    rspec-core (2.8.0)
    rspec-expectations (2.8.0)
      diff-lcs (~> 1.1.2)
    rspec-mocks (2.8.0)
    yard (0.8.3)

PLATFORMS
  ruby

DEPENDENCIES
  activesupport (~> 3.2.11)
  jeweler (~> 1.8.4)
  oj (~> 2.0.1)
  rest-client (~> 1.6.7)
  rspec (~> 2.8.0)
  yard (~> 0.7)
